PATH
  remote: .
  specs:
    fantasy_identifiable (0.1.2)
      activerecord (>= 6.0.0)
      activesupport (>= 6.0.0)
      faker

GEM
  remote: https://rubygems.org/
  specs:
    activemodel (7.0.6)
      activesupport (= 7.0.6)
    activerecord (7.0.6)
      activemodel (= 7.0.6)
      activesupport (= 7.0.6)
    activesupport (7.0.6)
      concurrent-ruby (~> 1.0, >= 1.0.2)
      i18n (>= 1.6, < 2)
      minitest (>= 5.1)
      tzinfo (~> 2.0)
    concurrent-ruby (1.2.2)
    faker (3.2.0)
      i18n (>= 1.8.11, < 2)
    i18n (1.14.1)
      concurrent-ruby (~> 1.0)
    minitest (5.14.4)
    rake (10.5.0)
    sqlite3 (1.4.2)
    tzinfo (2.0.6)
      concurrent-ruby (~> 1.0)

PLATFORMS
  ruby

DEPENDENCIES
  bundler (~> 2.0)
  fantasy_identifiable!
  minitest (~> 5.0)
  rake (~> 10.0)
  sqlite3

BUNDLED WITH
   2.1.4
